GEM
  remote: https://rubygems.org/
  specs:
    diff-lcs (1.2.1)
    nyan-cat-formatter (0.5.0)
      rspec (>= 2.13)
    rake (10.0.3)
    rspec (2.13.0)
      rspec-core (~> 2.13.0)
      rspec-expectations (~> 2.13.0)
      rspec-mocks (~> 2.13.0)
    rspec-core (2.13.0)
    rspec-expectations (2.13.0)
      diff-lcs (>= 1.1.3, < 2.0)
    rspec-mocks (2.13.0)
    ruby-ntlm (0.0.1)

PLATFORMS
  ruby

DEPENDENCIES
  nyan-cat-formatter
  rake
  rspec
  ruby-ntlm
